GEM
  remote: https://rubygems.org/
  specs:
    httparty (0.21.0)
      mini_mime (>= 1.0.0)
      multi_xml (>= 0.5.2)
    mini_mime (1.1.2)
    multi_xml (0.6.0)
    terminal-notifier (2.0.0)
    uniform_notifier (1.13.0)

PLATFORMS
  ruby

DEPENDENCIES
  httparty
  terminal-notifier
  uniform_notifier

BUNDLED WITH
   2.0.1
