GEM
  remote: https://rubygems.org/
  specs:
    httparty (0.17.1)
      mime-types (~> 3.0)
      multi_xml (>= 0.5.2)
    mime-types (3.3)
      mime-types-data (~> 3.2015)
    mime-types-data (3.2019.1009)
    multi_xml (0.6.0)
    terminal-notifier (2.0.0)
    uniform_notifier (1.13.0)

PLATFORMS
  ruby

DEPENDENCIES
  httparty
  terminal-notifier
  uniform_notifier

BUNDLED WITH
   2.0.1
